GEM
  remote: https://rubygems.org/
  specs:
    minitest (5.4.3)
    rake (10.4.1)

PLATFORMS
  ruby

DEPENDENCIES
  minitest
  rake
